GEM
  remote: http://rubygems.org/
  specs:
    activerecord (2.3.9)
      activesupport (= 2.3.9)
    activesupport (2.3.9)
    daemons (1.1.0)
    rake (0.8.7)
    rspec (1.3.0)
    sqlite3-ruby (1.3.1)

PLATFORMS
  ruby

DEPENDENCIES
  activerecord (~> 2.3)
  activesupport (~> 2.3)
  daemons
  rake
  rspec
  sqlite3-ruby
